GEM
  remote: https://rubygems.org/
  specs:
    phlex (1.10.2)
    rack (3.0.10)
    roda (3.79.0)
      rack
    rouge (4.2.1)

PLATFORMS
  ruby
  x86_64-darwin-20

DEPENDENCIES
  phlex (~> 1.10)
  roda (~> 3.79)
  rouge (~> 4.2)

BUNDLED WITH
   2.5.6
